GEM
  remote: https://rubygems.org/
  specs:
    dotenv (2.7.6)

PLATFORMS
  ruby

DEPENDENCIES
  bundler
  dotenv

BUNDLED WITH
   2.1.4
